GEM
  remote: https://rubygems.org/
  specs:
    activesupport (5.2.3)
      concurrent-ruby (~> 1.0, >= 1.0.2)
      i18n (>= 0.7, < 2)
      minitest (~> 5.1)
      tzinfo (~> 1.1)
    coderay (1.1.2)
    concurrent-ruby (1.1.5)
    curb (0.9.9)
    hue (0.2.0)
      curb
      json
      log_switch (= 0.4.0)
      thor
    i18n (1.6.0)
      concurrent-ruby (~> 1.0)
    json (2.2.0)
    log_switch (0.4.0)
    method_source (0.9.2)
    minitest (5.11.3)
    pry (0.12.2)
      coderay (~> 1.1.0)
      method_source (~> 0.9.0)
    solar (0.1.2)
      activesupport
    thor (0.20.3)
    thread_safe (0.3.6)
    tzinfo (1.2.5)
      thread_safe (~> 0.1)

PLATFORMS
  ruby

DEPENDENCIES
  activesupport
  hue
  pry
  solar

BUNDLED WITH
   1.17.2
